PATH
  remote: .
  specs:
    mongo_fe (0.1.0)
      agnostic-will_paginate (>= 3.0.0)
      bson
      bson_ext
      chronic (~> 0.6.7)
      coderay (~> 1.0.5)
      haml (~> 3.1.4)
      hashie
      json
      mongo (~> 1.6.2)
      redcarpet (~> 2.1.0)
      sinatra (~> 1.3.2)
      sinatra-contrib (~> 1.3.1)
      tilt (~> 1.3.0)
      vegas (~> 0.1.11)
      will_paginate-bootstrap
      yajl-ruby

GEM
  remote: http://rubygems.org/
  specs:
    activesupport (3.2.6)
      i18n (~> 0.6)
      multi_json (~> 1.0)
    addressable (2.2.8)
    agnostic-will_paginate (3.0.0)
    appraisal (0.4.1)
      bundler
      rake
    backports (2.6.1)
    bson (1.6.4)
    bson_ext (1.6.4)
      bson (~> 1.6.4)
    builder (3.0.0)
    capybara (1.1.2)
      mime-types (>= 1.16)
      nokogiri (>= 1.3.3)
      rack (>= 1.0.0)
      rack-test (>= 0.5.4)
      selenium-webdriver (~> 2.0)
      xpath (~> 0.1.4)
    childprocess (0.3.3)
      ffi (~> 1.0.6)
    chronic (0.6.7)
    coderay (1.0.7)
    cucumber (1.2.1)
      builder (>= 2.1.2)
      diff-lcs (>= 1.1.3)
      gherkin (~> 2.11.0)
      json (>= 1.4.6)
    diff-lcs (1.1.3)
    eventmachine (0.12.10)
    factory_girl (3.5.0)
      activesupport (>= 3.0.0)
    ffi (1.0.11)
    gherkin (2.11.1)
      json (>= 1.4.6)
    haml (3.1.6)
    hashie (1.2.0)
    i18n (0.6.0)
    json (1.7.3)
    libwebsocket (0.1.3)
      addressable
    logger (1.2.8)
    mime-types (1.19)
    mongo (1.6.4)
      bson (~> 1.6.4)
    multi_json (1.3.6)
    nokogiri (1.5.5)
    rack (1.4.1)
    rack-protection (1.2.0)
      rack
    rack-test (0.6.1)
      rack (>= 1.0)
    rake (0.9.2.2)
    redcarpet (2.1.1)
    rspec (2.9.0)
      rspec-core (~> 2.9.0)
      rspec-expectations (~> 2.9.0)
      rspec-mocks (~> 2.9.0)
    rspec-core (2.9.0)
    rspec-expectations (2.9.1)
      diff-lcs (~> 1.1.3)
    rspec-mocks (2.9.0)
    rubyzip (0.9.9)
    selenium-webdriver (2.24.0)
      childprocess (>= 0.2.5)
      libwebsocket (~> 0.1.3)
      multi_json (~> 1.0)
      rubyzip
    shoulda-matchers (1.1.0)
      activesupport (>= 3.0.0)
    simplecov (0.6.4)
      multi_json (~> 1.0)
      simplecov-html (~> 0.5.3)
    simplecov-html (0.5.3)
    sinatra (1.3.2)
      rack (~> 1.3, >= 1.3.6)
      rack-protection (~> 1.2)
      tilt (~> 1.3, >= 1.3.3)
    sinatra-contrib (1.3.1)
      backports (>= 2.0)
      eventmachine
      rack-protection
      rack-test
      sinatra (~> 1.3.0)
      tilt (~> 1.3)
    tilt (1.3.3)
    vegas (0.1.11)
      rack (>= 1.0.0)
    webrat (0.7.3)
      nokogiri (>= 1.2.0)
      rack (>= 1.0)
      rack-test (>= 0.5.3)
    will_paginate (3.0.3)
    will_paginate-bootstrap (0.2.1)
      will_paginate (>= 3.0.3)
    xpath (0.1.4)
      nokogiri (~> 1.3)
    yajl-ruby (1.1.0)

PLATFORMS
  ruby

DEPENDENCIES
  appraisal (~> 0.4.1)
  bundler (~> 1.1.0)
  capybara (~> 1.1.2)
  cucumber
  factory_girl (~> 3.0)
  logger
  mongo_fe!
  rspec (~> 2.9.0)
  shoulda-matchers (~> 1.1.0)
  simplecov (>= 0.4.2)
  webrat (~> 0.7.3)
